GEM
  remote: https://rubygems.org/
  specs:
    currencylayer (0.0.1)
      money (~> 6.5.0)
    i18n (0.7.0)
    money (6.5.1)
      i18n (>= 0.6.4, <= 0.7.0)
    rack (1.6.4)
    rack-protection (1.5.3)
      rack
    sinatra (1.4.7)
      rack (~> 1.5)
      rack-protection (~> 1.4)
      tilt (>= 1.3, < 3)
    tilt (2.0.2)

PLATFORMS
  ruby

DEPENDENCIES
  currencylayer
  sinatra

BUNDLED WITH
   1.15.1
